GEM
  remote: https://rubygems.org/
  specs:
    curb (0.9.10)
    diff-lcs (1.1.3)
    htmlentities (4.3.4)
    mini_portile2 (2.6.1)
    nokogiri (1.12.5)
      mini_portile2 (~> 2.6.1)
      racc (~> 1.4)
    racc (1.5.2)
    rake (10.5.0)
    rdoc (6.0.4)
    rspec (2.11.0)
      rspec-core (~> 2.11.0)
      rspec-expectations (~> 2.11.0)
      rspec-mocks (~> 2.11.0)
    rspec-core (2.11.1)
    rspec-expectations (2.11.3)
      diff-lcs (~> 1.1.3)
    rspec-mocks (2.11.3)

PLATFORMS
  ruby

DEPENDENCIES
  curb (~> 0.9.10)
  htmlentities (>= 4.3.1)
  nokogiri (~> 1.12.5)
  rake (< 11.0)
  rdoc
  rspec (~> 2.11.0)

BUNDLED WITH
   1.17.2
