GEM
  remote: https://rubygems.org/
  specs:
    curb (1.0.5)
    diff-lcs (1.5.1)
    htmlentities (4.3.4)
    mini_portile2 (2.8.5)
    nokogiri (1.15.6)
      mini_portile2 (~> 2.8.2)
      racc (~> 1.4)
    psych (5.1.2)
      stringio
    racc (1.7.3)
    rake (10.5.0)
    rdoc (6.6.2)
      psych (>= 4.0.0)
    rspec (2.14.1)
      rspec-core (~> 2.14.0)
      rspec-expectations (~> 2.14.0)
      rspec-mocks (~> 2.14.0)
    rspec-core (2.14.8)
    rspec-expectations (2.14.5)
      diff-lcs (>= 1.1.3, < 2.0)
    rspec-mocks (2.14.6)
    stringio (3.1.0)

PLATFORMS
  ruby

DEPENDENCIES
  curb (>= 0.9.0)
  htmlentities (>= 4.3.1)
  nokogiri (>= 1.10.0)
  rake (< 11)
  rdoc
  rspec (~> 2.14.0)

BUNDLED WITH
   2.3.26
